GEM
  remote: https://rubygems.org/
  specs:
    Ascii85 (1.0.2)
    afm (0.2.2)
    coderay (1.1.0)
    hashery (2.1.1)
    method_source (0.8.2)
    pdf-reader (1.3.3)
      Ascii85 (~> 1.0.0)
      afm (~> 0.2.0)
      hashery (~> 2.0)
      ruby-rc4
      ttfunk
    pry (0.10.3)
      coderay (~> 1.1.0)
      method_source (~> 0.8.1)
      slop (~> 3.4)
    ruby-rc4 (0.1.5)
    slop (3.6.0)
    ttfunk (1.4.0)

PLATFORMS
  ruby

DEPENDENCIES
  pdf-reader
  pry
